{
	"TaskName": "imagery",
	"Manufacturer": "Nihon Kohden EEG-1200",
	"PowerLineFrequency": 50.0,
	"SamplingFrequency": 200.0,
	"SoftwareFilters": "n/a",
	"RecordingDuration": 3334.995,
	"RecordingType": "continuous",
	"EEGReference": "System 0V (0.55*(C3+C4))",
	"EEGGround": "A1, A2 (earlobes)",
	"EEGPlacementScheme": "10-20 system",
	"EEGChannelCount": 19,
	"EOGChannelCount": 0,
	"ECGChannelCount": 0,
	"EMGChannelCount": 0,
	"TriggerChannelCount": 0,
	"ManufacturersModelName": "Nihon Kohden EEG-1200",
	"HardwareFilters": "n/a",
	"TaskDescription": "[left_right_hand] Classical left/right hand motor imagery with passive rest Trial duration: 1.0s, cue: 1.0s.",
	"Instructions": "n/a",
	"CogAtlasID": "https://www.cognitiveatlas.org/task/id/trm_4c8a834779883/",
	"InstitutionName": "Mersin University",
	"InstitutionAddress": "TR",
	"InstitutionalDepartmentName": "n/a",
	"CapManufacturer": "n/a",
	"CapManufacturersModelName": "n/a",
	"SubjectArtefactDescription": "n/a",
	"DeviceSerialNumber": "n/a",
	"Description": "EEG recording.",
	"MISCChannelCount": 0
}